PATH
  remote: .
  specs:
    rulers (0.0.2)
      erubis
      multi_json
      rack (~> 2.2)

GEM
  remote: https://rubygems.org/
  specs:
    debug (1.9.2)
      irb (~> 1.10)
      reline (>= 0.3.8)
    erubis (2.7.0)
    io-console (0.7.2)
    irb (1.14.1)
      rdoc (>= 4.0.0)
      reline (>= 0.4.2)
    minitest (5.25.1)
    multi_json (1.15.0)
    psych (5.1.2)
      stringio
    rack (2.2.10)
    rack-test (2.1.0)
      rack (>= 1.3)
    rake (13.2.1)
    rdoc (6.7.0)
      psych (>= 4.0.0)
    reline (0.5.10)
      io-console (~> 0.5)
    stringio (3.1.1)

PLATFORMS
  arm64-darwin-23
  ruby

DEPENDENCIES
  debug
  minitest (~> 5.16)
  rack-test
  rake (~> 13.0)
  rulers!

BUNDLED WITH
   2.5.11
